PATH
  remote: .
  specs:
    spatial_adapter (1.3.1)
      activerecord (>= 2.2.2)
      georuby (>= 1.9.3)

GEM
  remote: http://rubygems.org/
  specs:
    activemodel (3.2.1)
      activesupport (= 3.2.1)
      builder (~> 3.0.0)
    activerecord (3.2.1)
      activemodel (= 3.2.1)
      activesupport (= 3.2.1)
      arel (~> 3.0.0)
      tzinfo (~> 0.3.29)
    activesupport (3.2.1)
      i18n (~> 0.6)
      multi_json (~> 1.0)
    appraisal (0.4.0)
      bundler
      rake
    arel (3.0.0)
    builder (3.0.0)
    diff-lcs (1.1.3)
    georuby (1.9.3)
    i18n (0.6.0)
    multi_json (1.0.4)
    mysql (2.8.1)
    mysql2 (0.2.13)
    pg (0.12.2)
    rake (0.9.2.2)
    rspec (2.8.0)
      rspec-core (~> 2.8.0)
      rspec-expectations (~> 2.8.0)
      rspec-mocks (~> 2.8.0)
    rspec-core (2.8.0)
    rspec-expectations (2.8.0)
      diff-lcs (~> 1.1.2)
    rspec-mocks (2.8.0)
    tzinfo (0.3.31)

PLATFORMS
  ruby

DEPENDENCIES
  appraisal
  mysql
  mysql2 (<= 0.2.13)
  pg
  rake
  rspec
  spatial_adapter!
